GEM
  remote: https://rubygems.org/
  specs:
    mini_portile (0.6.0)
    nokogiri (1.6.3.1)
      mini_portile (= 0.6.0)
    posix-spawn (0.3.9)
    pygments.rb (0.6.0)
      posix-spawn (~> 0.3.6)
      yajl-ruby (~> 1.1.0)
    rdiscount (2.1.7.1)
    rmagick (2.13.3)
    yajl-ruby (1.1.0)

PLATFORMS
  ruby

DEPENDENCIES
  nokogiri
  pygments.rb
  rdiscount
  rmagick
